GEM
  remote: https://rubygems.org/
  specs:
    ast (2.0.0)
    astrolabe (1.3.0)
      parser (>= 2.2.0.pre.3, < 3.0)
    childprocess (0.5.6)
      ffi (~> 1.0, >= 1.0.11)
    diff-lcs (1.2.5)
    ffi (1.9.8)
    iniparse (1.4.0)
    overcommit (0.26.0)
      childprocess (~> 0.5.6)
      iniparse (~> 1.4)
    parser (2.2.2.5)
      ast (>= 1.1, < 3.0)
    powerpack (0.1.1)
    puma (2.11.3)
      rack (>= 1.1, < 2.0)
    rack (1.6.1)
    rack-protection (1.5.3)
      rack
    rainbow (2.0.0)
    rspec (3.3.0)
      rspec-core (~> 3.3.0)
      rspec-expectations (~> 3.3.0)
      rspec-mocks (~> 3.3.0)
    rspec-core (3.3.0)
      rspec-support (~> 3.3.0)
    rspec-expectations (3.3.0)
      diff-lcs (>= 1.2.0, < 2.0)
      rspec-support (~> 3.3.0)
    rspec-mocks (3.3.0)
      diff-lcs (>= 1.2.0, < 2.0)
      rspec-support (~> 3.3.0)
    rspec-support (3.3.0)
    rubocop (0.32.0)
      astrolabe (~> 1.3)
      parser (>= 2.2.2.5, < 3.0)
      powerpack (~> 0.1)
      rainbow (>= 1.99.1, < 3.0)
      ruby-progressbar (~> 1.4)
    ruby-progressbar (1.7.5)
    sequel (4.25.0)
    sinatra (1.4.6)
      rack (~> 1.4)
      rack-protection (~> 1.4)
      tilt (>= 1.3, < 3)
    tilt (1.4.1)

PLATFORMS
  ruby

DEPENDENCIES
  overcommit
  puma
  rspec
  rubocop
  sequel
  sinatra

BUNDLED WITH
   1.10.5
